PATH
  remote: .
  specs:
    lapidist (0.1.0)
      gem-release

GEM
  remote: https://rubygems.org/
  specs:
    diff-lcs (1.3)
    gem-release (2.0.3)
    rake (10.5.0)
    rspec (3.8.0)
      rspec-core (~> 3.8.0)
      rspec-expectations (~> 3.8.0)
      rspec-mocks (~> 3.8.0)
    rspec-core (3.8.2)
      rspec-support (~> 3.8.0)
    rspec-expectations (3.8.4)
      diff-lcs (>= 1.2.0, < 2.0)
      rspec-support (~> 3.8.0)
    rspec-mocks (3.8.1)
      diff-lcs (>= 1.2.0, < 2.0)
      rspec-support (~> 3.8.0)
    rspec-support (3.8.2)

PLATFORMS
  ruby

DEPENDENCIES
  bundler (~> 2.0)
  lapidist!
  rake (~> 10.0)
  rspec (~> 3.0)

BUNDLED WITH
   2.0.1
